PATH
  remote: .
  specs:
    kleenex (0.2.0)

GEM
  remote: https://rubygems.org/
  specs:
    connection_pool (2.2.5)
    database_cleaner (1.6.2)
    diff-lcs (1.3)
    rack (2.2.3)
    rake (10.5.0)
    redis (4.5.1)
    rspec (3.7.0)
      rspec-core (~> 3.7.0)
      rspec-expectations (~> 3.7.0)
      rspec-mocks (~> 3.7.0)
    rspec-core (3.7.1)
      rspec-support (~> 3.7.0)
    rspec-expectations (3.7.0)
      diff-lcs (>= 1.2.0, < 2.0)
      rspec-support (~> 3.7.0)
    rspec-mocks (3.7.0)
      diff-lcs (>= 1.2.0, < 2.0)
      rspec-support (~> 3.7.0)
    rspec-support (3.7.1)
    sidekiq (6.4.0)
      connection_pool (>= 2.2.2)
      rack (~> 2.0)
      redis (>= 4.2.0)

PLATFORMS
  ruby

DEPENDENCIES
  bundler (~> 1.16)
  database_cleaner (~> 1.6)
  kleenex!
  rake (~> 10.0)
  rspec (~> 3.0)
  sidekiq (~> 6.4)

BUNDLED WITH
   1.16.1
